GEM
  remote: https://rubygems.org/
  specs:
    actioncable (7.0.6)
      actionpack (= 7.0.6)
      activesupport (= 7.0.6)
      nio4r (~> 2.0)
      websocket-driver (>= 0.6.1)
    actionmailbox (7.0.6)
      actionpack (= 7.0.6)
      activejob (= 7.0.6)
      activerecord (= 7.0.6)
      activestorage (= 7.0.6)
      activesupport (= 7.0.6)
      mail (>= 2.7.1)
      net-imap
      net-pop
      net-smtp
    actionmailer (7.0.6)
      actionpack (= 7.0.6)
      actionview (= 7.0.6)
      activejob (= 7.0.6)
      activesupport (= 7.0.6)
      mail (~> 2.5, >= 2.5.4)
      net-imap
      net-pop
      net-smtp
      rails-dom-testing (~> 2.0)
    actionpack (7.0.6)
      actionview (= 7.0.6)
      activesupport (= 7.0.6)
      rack (~> 2.0, >= 2.2.4)
      rack-test (>= 0.6.3)
      rails-dom-testing (~> 2.0)
      rails-html-sanitizer (~> 1.0, >= 1.2.0)
    actiontext (7.0.6)
      actionpack (= 7.0.6)
      activerecord (= 7.0.6)
      activestorage (= 7.0.6)
      activesupport (= 7.0.6)
      globalid (>= 0.6.0)
      nokogiri (>= 1.8.5)
    actionview (7.0.6)
      activesupport (= 7.0.6)
      builder (~> 3.1)
      erubi (~> 1.4)
      rails-dom-testing (~> 2.0)
      rails-html-sanitizer (~> 1.1, >= 1.2.0)
    activejob (7.0.6)
      activesupport (= 7.0.6)
      globalid (>= 0.3.6)
    activemodel (7.0.6)
      activesupport (= 7.0.6)
    activerecord (7.0.6)
      activemodel (= 7.0.6)
      activesupport (= 7.0.6)
    activestorage (7.0.6)
      actionpack (= 7.0.6)
      activejob (= 7.0.6)
      activerecord (= 7.0.6)
      activesupport (= 7.0.6)
      marcel (~> 1.0)
      mini_mime (>= 1.1.0)
    activesupport (7.0.6)
      concurrent-ruby (~> 1.0, >= 1.0.2)
      i18n (>= 1.6, < 2)
      minitest (>= 5.1)
      tzinfo (~> 2.0)
    addressable (2.8.5)
      public_suffix (>= 2.0.2, < 6.0)
    autoprefixer-rails (10.4.13.0)
      execjs (~> 2)
    awesome_print (1.9.2)
    bcrypt (3.1.19)
    bindex (0.8.1)
    bootsnap (1.16.0)
      msgpack (~> 1.2)
    bootstrap (5.2.3)
      autoprefixer-rails (>= 9.1.0)
      popper_js (>= 2.11.6, < 3)
      sassc-rails (>= 2.0.0)
    builder (3.2.4)
    byebug (11.1.3)
    capybara (3.39.2)
      addressable
      matrix
      mini_mime (>= 0.1.3)
      nokogiri (~> 1.8)
      rack (>= 1.6.0)
      rack-test (>= 0.6.3)
      regexp_parser (>= 1.5, < 3.0)
      xpath (~> 3.2)
    coderay (1.1.3)
    concurrent-ruby (1.2.2)
    crass (1.0.6)
    daemons (1.4.1)
    date (3.3.3)
    devise (4.9.2)
      bcrypt (~> 3.0)
      orm_adapter (~> 0.1)
      railties (>= 4.1.0)
      responders
      warden (~> 1.2.3)
    diff-lcs (1.5.0)
    erubi (1.12.0)
    erubis (2.7.0)
    eventmachine (1.0.9.1)
    execjs (2.8.1)
    ffi (1.15.5)
    figaro (1.2.0)
      thor (>= 0.14.0, < 2)
    globalid (1.1.0)
      activesupport (>= 5.0)
    haml (6.1.1)
      temple (>= 0.8.2)
      thor
      tilt
    haml-rails (2.1.0)
      actionpack (>= 5.1)
      activesupport (>= 5.1)
      haml (>= 4.0.6)
      railties (>= 5.1)
    html2haml (2.3.0)
      erubis (~> 2.7.0)
      haml (>= 4.0)
      nokogiri (>= 1.6.0)
      ruby_parser (~> 3.5)
    i18n (1.14.1)
      concurrent-ruby (~> 1.0)
    jbuilder (2.11.5)
      actionview (>= 5.0.0)
      activesupport (>= 5.0.0)
    jquery-rails (4.6.0)
      rails-dom-testing (>= 1, < 3)
      railties (>= 4.2.0)
      thor (>= 0.14, < 2.0)
    json (2.6.3)
    kaminari (1.2.2)
      activesupport (>= 4.1.0)
      kaminari-actionview (= 1.2.2)
      kaminari-activerecord (= 1.2.2)
      kaminari-core (= 1.2.2)
    kaminari-actionview (1.2.2)
      actionview
      kaminari-core (= 1.2.2)
    kaminari-activerecord (1.2.2)
      activerecord
      kaminari-core (= 1.2.2)
    kaminari-core (1.2.2)
    listen (3.8.0)
      rb-fsevent (~> 0.10, >= 0.10.3)
      rb-inotify (~> 0.9, >= 0.9.10)
    loofah (2.21.3)
      crass (~> 1.0.2)
      nokogiri (>= 1.12.0)
    mail (2.8.1)
      mini_mime (>= 0.1.1)
      net-imap
      net-pop
      net-smtp
    mailcatcher (0.2.4)
      eventmachine
      haml
      i18n
      json
      mail
      sinatra
      skinny (>= 0.1.2)
      sqlite3-ruby
      thin
    marcel (1.0.2)
    matrix (0.4.2)
    method_source (1.0.0)
    mini_mime (1.1.2)
    mini_portile2 (2.8.4)
    minitest (5.19.0)
    msgpack (1.7.2)
    mustermann (3.0.0)
      ruby2_keywords (~> 0.0.1)
    net-imap (0.3.7)
      date
      net-protocol
    net-pop (0.1.2)
      net-protocol
    net-protocol (0.2.1)
      timeout
    net-smtp (0.3.3)
      net-protocol
    nio4r (2.5.9)
    nokogiri (1.15.3-x86_64-linux)
      racc (~> 1.4)
    optimist (3.1.0)
    orm_adapter (0.5.0)
    parslet (2.0.0)
    pg (1.5.3)
    popper_js (2.11.7)
    pry (0.14.2)
      coderay (~> 1.1)
      method_source (~> 1.0)
    pry-rails (0.3.9)
      pry (>= 0.10.4)
    psych (5.1.0)
      stringio
    public_suffix (5.0.3)
    puma (6.3.0)
      nio4r (~> 2.0)
    racc (1.7.1)
    rack (2.2.8)
    rack-protection (3.0.6)
      rack
    rack-proxy (0.7.6)
      rack
    rack-test (2.1.0)
      rack (>= 1.3)
    rails (7.0.6)
      actioncable (= 7.0.6)
      actionmailbox (= 7.0.6)
      actionmailer (= 7.0.6)
      actionpack (= 7.0.6)
      actiontext (= 7.0.6)
      actionview (= 7.0.6)
      activejob (= 7.0.6)
      activemodel (= 7.0.6)
      activerecord (= 7.0.6)
      activestorage (= 7.0.6)
      activesupport (= 7.0.6)
      bundler (>= 1.15.0)
      railties (= 7.0.6)
    rails-dom-testing (2.2.0)
      activesupport (>= 5.0.0)
      minitest
      nokogiri (>= 1.6)
    rails-html-sanitizer (1.6.0)
      loofah (~> 2.21)
      nokogiri (~> 1.14)
    railties (7.0.6)
      actionpack (= 7.0.6)
      activesupport (= 7.0.6)
      method_source
      rake (>= 12.2)
      thor (~> 1.0)
      zeitwerk (~> 2.5)
    rake (13.0.6)
    ransack (4.0.0)
      activerecord (>= 6.1.5)
      activesupport (>= 6.1.5)
      i18n
    rb-fsevent (0.11.2)
    rb-inotify (0.10.1)
      ffi (~> 1.0)
    regexp_parser (2.8.1)
    responders (3.1.0)
      actionpack (>= 5.2)
      railties (>= 5.2)
    rexml (3.2.6)
    rspec-core (3.12.2)
      rspec-support (~> 3.12.0)
    rspec-expectations (3.12.3)
      diff-lcs (>= 1.2.0, < 2.0)
      rspec-support (~> 3.12.0)
    rspec-mocks (3.12.6)
      diff-lcs (>= 1.2.0, < 2.0)
      rspec-support (~> 3.12.0)
    rspec-rails (6.0.3)
      actionpack (>= 6.1)
      activesupport (>= 6.1)
      railties (>= 6.1)
      rspec-core (~> 3.12)
      rspec-expectations (~> 3.12)
      rspec-mocks (~> 3.12)
      rspec-support (~> 3.12)
    rspec-support (3.12.1)
    ruby2_keywords (0.0.5)
    ruby_parser (3.20.3)
      sexp_processor (~> 4.16)
    rubyzip (2.3.2)
    sass-rails (6.0.0)
      sassc-rails (~> 2.1, >= 2.1.1)
    sassc (2.4.0)
      ffi (~> 1.9)
    sassc-rails (2.1.2)
      railties (>= 4.0.0)
      sassc (>= 2.0)
      sprockets (> 3.0)
      sprockets-rails
      tilt
    selenium-webdriver (4.10.0)
      rexml (~> 3.2, >= 3.2.5)
      rubyzip (>= 1.2.2, < 3.0)
      websocket (~> 1.0)
    semantic_range (3.0.0)
    sexp_processor (4.17.0)
    simple_form (5.2.0)
      actionpack (>= 5.2)
      activemodel (>= 5.2)
    sinatra (3.0.6)
      mustermann (~> 3.0)
      rack (~> 2.2, >= 2.2.4)
      rack-protection (= 3.0.6)
      tilt (~> 2.0)
    skinny (0.2.4)
      eventmachine (~> 1.0.0)
      thin (>= 1.5, < 1.7)
    spring (4.1.1)
    spring-watcher-listen (2.1.0)
      listen (>= 2.7, < 4.0)
      spring (>= 4)
    sprockets (4.2.0)
      concurrent-ruby (~> 1.0)
      rack (>= 2.2.4, < 4)
    sprockets-rails (3.4.2)
      actionpack (>= 5.2)
      activesupport (>= 5.2)
      sprockets (>= 3.0.0)
    sqlite3 (1.6.3-x86_64-linux)
    sqlite3-ruby (1.3.3)
      sqlite3 (>= 1.3.3)
    stringio (3.0.7)
    temple (0.10.2)
    thin (1.6.2)
      daemons (>= 1.0.9)
      eventmachine (>= 1.0.0)
      rack (>= 1.0.0)
    thor (1.2.2)
    tilt (2.2.0)
    timeout (0.4.0)
    trollop (2.9.10)
    turbolinks (5.2.1)
      turbolinks-source (~> 5.2)
    turbolinks-source (5.2.0)
    tzinfo (2.0.6)
      concurrent-ruby (~> 1.0)
    warden (1.2.9)
      rack (>= 2.0.9)
    web-console (4.2.0)
      actionview (>= 6.0.0)
      activemodel (>= 6.0.0)
      bindex (>= 0.4.0)
      railties (>= 6.0.0)
    webdrivers (5.3.1)
      nokogiri (~> 1.6)
      rubyzip (>= 1.3.0)
      selenium-webdriver (~> 4.0, < 4.11)
    webpacker (5.4.4)
      activesupport (>= 5.2)
      rack-proxy (>= 0.6.1)
      railties (>= 5.2)
      semantic_range (>= 2.3.0)
    websocket (1.2.9)
    websocket-driver (0.7.6)
      websocket-extensions (>= 0.1.0)
    websocket-extensions (0.1.5)
    xpath (3.2.0)
      nokogiri (~> 1.8)
    yarn (0.1.1)
      parslet (>= 1.2)
      rack (>= 1.3)
      trollop (>= 1.16)
    zeitwerk (2.6.11)

PLATFORMS
  x86_64-linux

DEPENDENCIES
  awesome_print
  bootsnap
  bootstrap
  byebug
  capybara
  devise
  figaro
  haml
  haml-rails
  html2haml
  jbuilder
  jquery-rails
  kaminari
  listen
  mailcatcher
  mini_portile2
  optimist
  pg
  pry
  pry-rails
  psych
  puma
  rails (~> 7.0, >= 7.0.6)
  ransack
  rspec-rails
  sass-rails
  selenium-webdriver
  simple_form
  spring
  spring-watcher-listen
  turbolinks
  tzinfo-data
  web-console
  webdrivers
  webpacker
  yarn

RUBY VERSION
   ruby 3.2.1p31

BUNDLED WITH
   2.4.9
